GIT
  remote: git://github.com/travis-ci/travis-sso.git
  revision: d83e00b0651d3d636f5dad808b3e11ade41ec719
  specs:
    travis-sso (0.0.1)
      multi_json
      rack
      rotp
      yubikey

GIT
  remote: git://github.com/travis-ci/travis-support.git
  revision: 2cd02d2a06fdd1e2fc2f129148c168b56f7c190f
  specs:
    travis-support (0.0.1)

GEM
  remote: https://rubygems.org/
  specs:
    activemodel (4.2.6)
      activesupport (= 4.2.6)
      builder (~> 3.1)
    activerecord (4.2.6)
      activemodel (= 4.2.6)
      activesupport (= 4.2.6)
      arel (~> 6.0)
    activesupport (4.2.6)
      i18n (~> 0.7)
      json (~> 1.7, >= 1.7.7)
      minitest (~> 5.1)
      thread_safe (~> 0.3, >= 0.3.4)
      tzinfo (~> 1.1)
    arel (6.0.3)
    builder (3.2.2)
    faraday (0.9.2)
      multipart-post (>= 1.2, < 3)
    ffi (1.9.10)
    hashr (2.0.0)
    httparty (0.13.7)
      json (~> 1.8)
      multi_xml (>= 0.5.2)
    i18n (0.7.0)
    json (1.8.3)
    listen (3.1.5)
      rb-fsevent (~> 0.9, >= 0.9.4)
      rb-inotify (~> 0.9, >= 0.9.7)
      ruby_dep (~> 1.2)
    minitest (5.9.0)
    multi_json (1.12.1)
    multi_xml (0.5.5)
    multipart-post (2.0.0)
    puma (3.4.0)
    rack (1.6.4)
    rack-ssl (1.4.1)
      rack
    rb-fsevent (0.9.7)
    rb-inotify (0.9.7)
      ffi (>= 0.5.0)
    rerun (0.11.0)
      listen (~> 3.0)
    rotp (3.1.0)
    ruby_dep (1.3.1)
    sentry-raven (1.1.0)
      faraday (>= 0.7.6)
    thread_safe (0.3.5)
    travis-config (1.0.11)
      hashr (~> 2.0.0)
    tzinfo (1.2.2)
      thread_safe (~> 0.1)
    yubikey (1.4.1)

PLATFORMS
  ruby

DEPENDENCIES
  activerecord
  httparty
  puma
  rack-ssl
  rerun
  sentry-raven
  travis-config (~> 1.0.0)
  travis-sso!
  travis-support!

BUNDLED WITH
   1.12.5
