GIT
  remote: git://github.com/travis-ci/travis-sso.git
  revision: 506e6ddae6ea9f6142baf517da5607d8f1dc6bc7
  specs:
    travis-sso (0.0.1)
      multi_json
      rack
      rotp
      yubikey

GEM
  remote: https://rubygems.org/
  specs:
    activemodel (4.2.6)
      activesupport (= 4.2.6)
      builder (~> 3.1)
    activerecord (4.2.6)
      activemodel (= 4.2.6)
      activesupport (= 4.2.6)
      arel (~> 6.0)
    activesupport (4.2.6)
      i18n (~> 0.7)
      json (~> 1.7, >= 1.7.7)
      minitest (~> 5.1)
      thread_safe (~> 0.3, >= 0.3.4)
      tzinfo (~> 1.1)
    arel (6.0.3)
    backports (3.6.8)
    builder (3.2.2)
    faraday (0.9.2)
      multipart-post (>= 1.2, < 3)
    ffi (1.9.10)
    hashr (2.0.0)
    i18n (0.7.0)
    json (1.8.3)
    listen (3.1.5)
      rb-fsevent (~> 0.9, >= 0.9.4)
      rb-inotify (~> 0.9, >= 0.9.7)
      ruby_dep (~> 1.2)
    minitest (5.9.0)
    multi_json (1.12.1)
    multipart-post (2.0.0)
    pg (0.18.4)
    puma (3.4.0)
    rack (1.6.4)
    rack-protection (1.5.3)
      rack
    rack-ssl (1.4.1)
      rack
    rack-test (0.6.3)
      rack (>= 1.0)
    rb-fsevent (0.9.7)
    rb-inotify (0.9.7)
      ffi (>= 0.5.0)
    redis (3.3.0)
    rerun (0.11.0)
      listen (~> 3.0)
    rotp (3.1.0)
    ruby_dep (1.3.1)
    sentry-raven (1.1.0)
      faraday (>= 0.7.6)
    sinatra (1.4.7)
      rack (~> 1.5)
      rack-protection (~> 1.4)
      tilt (>= 1.3, < 3)
    sinatra-contrib (1.4.7)
      backports (>= 2.0)
      multi_json
      rack-protection
      rack-test
      sinatra (~> 1.4.0)
      tilt (>= 1.3, < 3)
    thread_safe (0.3.5)
    tilt (2.0.5)
    travis-config (1.0.11)
      hashr (~> 2.0.0)
    tzinfo (1.2.2)
      thread_safe (~> 0.1)
    yubikey (1.4.1)

PLATFORMS
  ruby

DEPENDENCIES
  activerecord
  pg
  puma
  rack-ssl
  redis
  rerun
  sentry-raven
  sinatra
  sinatra-contrib
  travis-config (~> 1.0.0)
  travis-sso!

RUBY VERSION
   ruby 2.3.1p112

BUNDLED WITH
   1.12.5
