GIT
  remote: git://github.com/getsentry/raven-ruby.git
  revision: a1fc281736e7f1d1b9899d21890a455af6be0f54
  specs:
    sentry-raven (1.1.0)
      faraday (>= 0.7.6, < 0.10.x)

GIT
  remote: git://github.com/travis-ci/travis-api.git
  revision: 0e5aa2fb7ad050fcc1aefe8b5ae67eae20aac20f
  specs:
    travis-api (0.0.1)
      activerecord (~> 3.2.19)
      coder (~> 0.4.0)
      composite_primary_keys (~> 5.0)
      google-api-client (~> 0.9.4)
      hashr
      memcachier
      multi_json
      mustermann (~> 0.4)
      pg
      pusher (~> 0.14.0)
      rack-contrib (~> 1.1)
      rack-ssl (~> 1.3, >= 1.3.3)
      railties (~> 3.2.19)
      redcarpet (~> 2.1)
      redis (~> 3.0)
      rollout (~> 1.1.0)
      simple_states (~> 1.0.0)
      sinatra (~> 1.3)
      sinatra-contrib (~> 1.3)
      travis-support
      useragent
      virtus (~> 1.0.0)

GIT
  remote: git://github.com/travis-ci/travis-sso.git
  revision: d83e00b0651d3d636f5dad808b3e11ade41ec719
  specs:
    travis-sso (0.0.1)
      multi_json
      rack
      rotp
      yubikey

GIT
  remote: git://github.com/travis-ci/travis-support.git
  revision: 2cd02d2a06fdd1e2fc2f129148c168b56f7c190f
  specs:
    travis-support (0.0.1)

GEM
  remote: https://rubygems.org/
  specs:
    actionpack (3.2.22.2)
      activemodel (= 3.2.22.2)
      activesupport (= 3.2.22.2)
      builder (~> 3.0.0)
      erubis (~> 2.7.0)
      journey (~> 1.0.4)
      rack (~> 1.4.5)
      rack-cache (~> 1.2)
      rack-test (~> 0.6.1)
      sprockets (~> 2.2.1)
    activemodel (3.2.22.2)
      activesupport (= 3.2.22.2)
      builder (~> 3.0.0)
    activerecord (3.2.22.2)
      activemodel (= 3.2.22.2)
      activesupport (= 3.2.22.2)
      arel (~> 3.0.2)
      tzinfo (~> 0.3.29)
    activesupport (3.2.22.2)
      i18n (~> 0.6, >= 0.6.4)
      multi_json (~> 1.0)
    addressable (2.4.0)
    arel (3.0.3)
    atomic (1.1.99)
    avl_tree (1.2.1)
      atomic (~> 1.1)
    axiom-types (0.1.1)
      descendants_tracker (~> 0.0.4)
      ice_nine (~> 0.11.0)
      thread_safe (~> 0.3, >= 0.3.1)
    backports (3.6.8)
    builder (3.0.4)
    coder (0.4.0)
    coercible (1.0.0)
      descendants_tracker (~> 0.0.1)
    composite_primary_keys (5.0.14)
      activerecord (~> 3.2.0, >= 3.2.9)
    descendants_tracker (0.0.4)
      thread_safe (~> 0.3, >= 0.3.1)
    equalizer (0.0.11)
    erubis (2.7.0)
    faraday (0.9.2)
      multipart-post (>= 1.2, < 3)
    ffi (1.9.10)
    git-version-bump (0.15.1)
    google-api-client (0.9.9)
      addressable (~> 2.3)
      googleauth (~> 0.5)
      httpclient (~> 2.7)
      hurley (~> 0.1)
      memoist (~> 0.11)
      mime-types (>= 1.6)
      representable (~> 2.3.0)
      retriable (~> 2.0)
      thor (~> 0.19)
    googleauth (0.5.1)
      faraday (~> 0.9)
      jwt (~> 1.4)
      logging (~> 2.0)
      memoist (~> 0.12)
      multi_json (~> 1.11)
      os (~> 0.9)
      signet (~> 0.7)
    hashr (0.0.22)
    hike (1.2.3)
    hitimes (1.2.4)
    httpclient (2.8.0)
    hurley (0.2)
    i18n (0.7.0)
    ice_nine (0.11.2)
    journey (1.0.4)
    json (1.8.3)
    jwt (1.5.4)
    kgio (2.10.0)
    listen (3.1.5)
      rb-fsevent (~> 0.9, >= 0.9.4)
      rb-inotify (~> 0.9, >= 0.9.7)
      ruby_dep (~> 1.2)
    little-plugger (1.1.4)
    logging (2.1.0)
      little-plugger (~> 1.1)
      multi_json (~> 1.10)
    memcachier (0.0.2)
    memoist (0.14.0)
    metriks (0.9.9.7)
      atomic (~> 1.0)
      avl_tree (~> 1.2.0)
      hitimes (~> 1.1)
    mime-types (1.25.1)
    multi_json (1.12.1)
    multipart-post (2.0.0)
    mustermann (0.4.0)
      tool (~> 0.2)
    os (0.9.6)
    pg (0.18.4)
    puma (3.4.0)
    pusher (0.14.6)
      httpclient (~> 2.5)
      multi_json (~> 1.0)
      pusher-signature (~> 0.1.8)
    pusher-signature (0.1.8)
    rack (1.4.7)
    rack-cache (1.6.1)
      rack (>= 0.4)
    rack-contrib (1.4.0)
      git-version-bump (~> 0.15)
      rack (~> 1.4)
    rack-protection (1.5.3)
      rack
    rack-ssl (1.3.4)
      rack
    rack-test (0.6.3)
      rack (>= 1.0)
    railties (3.2.22.2)
      actionpack (= 3.2.22.2)
      activesupport (= 3.2.22.2)
      rack-ssl (~> 1.3.2)
      rake (>= 0.8.7)
      rdoc (~> 3.4)
      thor (>= 0.14.6, < 2.0)
    raindrops (0.16.0)
    rake (11.2.2)
    rb-fsevent (0.9.7)
    rb-inotify (0.9.7)
      ffi (>= 0.5.0)
    rdoc (3.12.2)
      json (~> 1.4)
    redcarpet (2.3.0)
    redis (3.3.0)
    representable (2.3.0)
      uber (~> 0.0.7)
    rerun (0.11.0)
      listen (~> 3.0)
    retriable (2.1.0)
    rollout (1.1.0)
    rotp (3.1.0)
    ruby_dep (1.3.1)
    signet (0.7.3)
      addressable (~> 2.3)
      faraday (~> 0.9)
      jwt (~> 1.5)
      multi_json (~> 1.10)
    simple_states (1.0.1)
      activesupport
      hashr (~> 0.0.10)
    sinatra (1.4.6)
      rack (~> 1.4)
      rack-protection (~> 1.4)
      tilt (>= 1.3, < 3)
    sinatra-contrib (1.4.7)
      backports (>= 2.0)
      multi_json
      rack-protection
      rack-test
      sinatra (~> 1.4.0)
      tilt (>= 1.3, < 3)
    sprockets (2.2.3)
      hike (~> 1.2)
      multi_json (~> 1.0)
      rack (~> 1.0)
      tilt (~> 1.1, != 1.3.0)
    thor (0.19.1)
    thread_safe (0.3.5)
    tilt (1.4.1)
    tool (0.2.3)
    travis-config (0.1.4)
      hashr (~> 0.0)
    tzinfo (0.3.50)
    uber (0.0.15)
    unicorn (5.1.0)
      kgio (~> 2.6)
      raindrops (~> 0.7)
    useragent (0.16.7)
    virtus (1.0.5)
      axiom-types (~> 0.1)
      coercible (~> 1.0)
      descendants_tracker (~> 0.0, >= 0.0.3)
      equalizer (~> 0.0, >= 0.0.9)
    yubikey (1.4.1)

PLATFORMS
  ruby

DEPENDENCIES
  activerecord
  metriks
  puma
  rack-ssl
  rerun
  sentry-raven!
  travis-api!
  travis-config (~> 0.1.0)
  travis-sso!
  travis-support!
  unicorn

BUNDLED WITH
   1.12.5
